PATH
  remote: .
  specs:
    r00lz (0.1)
      pry
      rack (~> 2.0.7)

GEM
  remote: https://rubygems.org/
  specs:
    coderay (1.1.2)
    method_source (0.9.2)
    minitest (5.11.3)
    pry (0.12.2)
      coderay (~> 1.1.0)
      method_source (~> 0.9.0)
    rack (2.0.7)
    rake (10.5.0)

PLATFORMS
  ruby

DEPENDENCIES
  bundler (~> 2.0)
  minitest
  r00lz!
  rake (~> 10.0)

BUNDLED WITH
   2.0.1
