PATH
  remote: .
  specs:
    r00lz (0.1)
      rack (~> 2.0.7)

GEM
  remote: https://rubygems.org/
  specs:
    minitest (5.11.3)
    rack (2.0.7)
    rake (10.5.0)

PLATFORMS
  ruby

DEPENDENCIES
  bundler (~> 2.0)
  minitest
  r00lz!
  rake (~> 10.0)

BUNDLED WITH
   2.0.1
