PATH
  remote: ../r00lz
  specs:
    r00lz (0.1)
      pry
      rack (~> 2.0.7)

GEM
  remote: https://rubygems.org/
  specs:
    coderay (1.1.2)
    method_source (0.9.2)
    pry (0.12.2)
      coderay (~> 1.1.0)
      method_source (~> 0.9.0)
    rack (2.0.7)

PLATFORMS
  ruby

DEPENDENCIES
  r00lz!

BUNDLED WITH
   2.0.1
